GEM
  remote: http://rubygems.org/
  specs:
    actionmailer (2.3.17)
      actionpack (= 2.3.17)
    actionpack (2.3.17)
      activesupport (= 2.3.17)
      rack (~> 1.1.0)
    activerecord (2.3.17)
      activesupport (= 2.3.17)
    activeresource (2.3.17)
      activesupport (= 2.3.17)
    activesupport (2.3.17)
    declarative_authorization (0.5.1)
    diff-lcs (1.2.5)
    hoe (3.15.0)
      rake (>= 0.8, < 12.0)
    i18n (0.4.2)
    iconv (1.0.4)
    json (1.8.3)
    mysql (2.9.1)
    rack (1.1.6)
    rails (2.3.17)
      actionmailer (= 2.3.17)
      actionpack (= 2.3.17)
      activerecord (= 2.3.17)
      activeresource (= 2.3.17)
      activesupport (= 2.3.17)
      rake (>= 0.8.3)
    rake (11.1.2)
    rdoc (4.2.2)
      json (~> 1.4)
    rspec (3.4.0)
      rspec-core (~> 3.4.0)
      rspec-expectations (~> 3.4.0)
      rspec-mocks (~> 3.4.0)
    rspec-core (3.4.4)
      rspec-support (~> 3.4.0)
    rspec-expectations (3.4.0)
      diff-lcs (>= 1.2.0, < 2.0)
      rspec-support (~> 3.4.0)
    rspec-mocks (3.4.1)
      diff-lcs (>= 1.2.0, < 2.0)
      rspec-support (~> 3.4.0)
    rspec-support (3.4.1)
    ruby-ole (1.2.12)
    rubyzip (0.9.1)
    rush (0.6.8)
      session
    sandrods-odf-report (0.1.3)
      rubyzip (>= 0, = 0.9.1)
    session (3.2.0)
    spreadsheet (1.1.2)
      ruby-ole (>= 1.0)
    test-unit (1.2.3)
      hoe (>= 1.5.1)

PLATFORMS
  ruby

DEPENDENCIES
  declarative_authorization (= 0.5.1)
  i18n (= 0.4.2)
  iconv
  mysql
  rails (= 2.3.17)
  rake
  rdoc
  rspec
  rush (= 0.6.8)
  sandrods-odf-report
  spreadsheet
  test-unit (= 1.2.3)

BUNDLED WITH
   1.11.2
